PATH
  remote: .
  specs:
    basecamp (0.0.12)
      activeresource (>= 2.3.0)
      oauth2
      xml-simple

GEM
  remote: http://rubygems.org/
  specs:
    activemodel (3.0.7)
      activesupport (= 3.0.7)
      builder (~> 2.1.2)
      i18n (~> 0.5.0)
    activeresource (3.0.7)
      activemodel (= 3.0.7)
      activesupport (= 3.0.7)
    activesupport (3.0.7)
    addressable (2.2.5)
    builder (2.1.2)
    faraday (0.4.6)
      addressable (>= 2.1.1)
      rack (>= 1.0.1)
    i18n (0.5.0)
    mg (0.0.8)
      rake
    multi_json (1.0.1)
    oauth2 (0.0.13)
      faraday (~> 0.4.1)
      multi_json (>= 0.0.4)
    rack (2.2.3)
    rake (12.3.3)
    xml-simple (1.0.15)

PLATFORMS
  ruby

DEPENDENCIES
  activeresource (>= 2.3.0)
  basecamp!
  mg (>= 0.0.8)
  oauth2
  rake
  xml-simple

BUNDLED WITH
   1.17.3
