PATH
  remote: .
  specs:
    basecamp (0.0.12)
      activeresource (>= 2.3.0)
      oauth2
      xml-simple

GEM
  remote: http://rubygems.org/
  specs:
    activemodel (6.0.3.1)
      activesupport (= 6.0.3.1)
    activemodel-serializers-xml (1.0.2)
      activemodel (> 5.x)
      activesupport (> 5.x)
      builder (~> 3.1)
    activeresource (5.1.1)
      activemodel (>= 5.0, < 7)
      activemodel-serializers-xml (~> 1.0)
      activesupport (>= 5.0, < 7)
    activesupport (6.0.3.1)
      concurrent-ruby (~> 1.0, >= 1.0.2)
      i18n (>= 0.7, < 2)
      minitest (~> 5.1)
      tzinfo (~> 1.1)
      zeitwerk (~> 2.2, >= 2.2.2)
    addressable (2.2.5)
    builder (3.2.4)
    concurrent-ruby (1.1.6)
    faraday (0.4.6)
      addressable (>= 2.1.1)
      rack (>= 1.0.1)
    i18n (1.8.2)
      concurrent-ruby (~> 1.0)
    mg (0.0.8)
      rake
    minitest (5.14.1)
    multi_json (1.0.1)
    oauth2 (0.0.13)
      faraday (~> 0.4.1)
      multi_json (>= 0.0.4)
    rack (2.2.2)
    rake (12.3.3)
    thread_safe (0.3.6)
    tzinfo (1.2.7)
      thread_safe (~> 0.1)
    xml-simple (1.0.15)
    zeitwerk (2.3.0)

PLATFORMS
  ruby

DEPENDENCIES
  activeresource (>= 2.3.0)
  basecamp!
  mg (>= 0.0.8)
  oauth2
  rake
  xml-simple

BUNDLED WITH
   1.17.3
